PATH
  remote: .
  specs:
    ruby-promise (0.0.1)

GEM
  remote: https://rubygems.org/
  specs:
    rake (10.1.0)

PLATFORMS
  ruby

DEPENDENCIES
  bundler (~> 1.3)
  rake
  ruby-promise!
